GEM
  remote: https://rubygems.org/
  specs:
    vlc-client (0.0.6)

PLATFORMS
  x64-mingw32

DEPENDENCIES
  vlc-client

BUNDLED WITH
   1.13.7
